GEM
  remote: http://rubygems.org/
  specs:
    actionmailer (2.2.2)
      actionpack (= 2.2.2)
    actionpack (2.2.2)
      activesupport (= 2.2.2)
    activerecord (2.2.2)
      activesupport (= 2.2.2)
    activeresource (2.2.2)
      activesupport (= 2.2.2)
    activesupport (2.2.2)
    ancestry (1.2.3)
      activerecord (>= 2.2.2)
    arel (3.0.2)
    builder (3.0.4)
    coderay (1.0.9)
    daemons (1.1.9)
    erubis (2.7.0)
    eventmachine (1.0.3)
    hike (1.2.2)
    i18n (0.6.1)
    journey (1.0.4)
    method_source (0.8.1)
    multi_json (1.7.2)
    pry (0.9.12.1)
      coderay (~> 1.0.5)
      method_source (~> 0.8)
      slop (~> 3.4)
    rack (1.5.2)
    rack-cache (1.2)
      rack (>= 0.4)
    rack-test (0.6.2)
      rack (>= 1.0)
    rails (2.2.2)
      actionmailer (= 2.2.2)
      actionpack (= 2.2.2)
      activerecord (= 2.2.2)
      activeresource (= 2.2.2)
      activesupport (= 2.2.2)
      rake (>= 0.8.3)
    rake (0.8.7)
    slop (3.4.4)
    sprockets (2.2.2)
      hike (~> 1.2)
      multi_json (~> 1.0)
      rack (~> 1.0)
      tilt (~> 1.1, != 1.3.0)
    sqlite3 (1.3.7)
    sqlite3-ruby (1.3.3)
      sqlite3 (>= 1.3.3)
    thin (1.5.1)
      daemons (>= 1.0.9)
      eventmachine (>= 0.12.6)
      rack (>= 1.0.0)
    tilt (1.4.0)
    tzinfo (0.3.37)

PLATFORMS
  ruby

DEPENDENCIES
  actionmailer (= 2.2.2)
  actionpack (= 2.2.2)
  activerecord (= 2.2.2)
  activeresource (= 2.2.2)
  activesupport (= 2.2.2)
  ancestry (= 1.2.3)
  arel (= 3.0.2)
  builder (= 3.0.4)
  coderay (= 1.0.9)
  daemons (= 1.1.9)
  erubis (= 2.7.0)
  eventmachine (= 1.0.3)
  hike (= 1.2.2)
  i18n (= 0.6.1)
  journey (= 1.0.4)
  method_source (= 0.8.1)
  multi_json (= 1.7.2)
  pry (= 0.9.12.1)
  rack (= 1.5.2)
  rack-cache (= 1.2)
  rack-test (= 0.6.2)
  rails (= 2.2.2)
  rake (= 0.8.7)
  slop (= 3.4.4)
  sprockets (= 2.2.2)
  sqlite3 (= 1.3.7)
  sqlite3-ruby (= 1.3.3)
  thin (= 1.5.1)
  tilt (= 1.4.0)
  tzinfo (= 0.3.37)
